GEM
  remote: https://rubygems.org/
  specs:
    atk (2.2.0)
      glib2 (= 2.2.0)
    cairo (1.12.9)
      pkg-config (>= 1.1.5)
    cmdparse (2.0.6)
    diff-lcs (1.2.5)
    docile (1.1.3)
    gdk_pixbuf2 (2.2.0)
      glib2 (= 2.2.0)
    glib2 (2.2.0)
      pkg-config
    gtk2 (2.2.0)
      atk (= 2.2.0)
      gdk_pixbuf2 (= 2.2.0)
      pango (= 2.2.0)
    json (1.8.1)
    kramdown (1.3.3)
    multi_json (1.9.2)
    pango (2.2.0)
      cairo (>= 1.12.5)
      glib2 (= 2.2.0)
    pkg-config (1.1.5)
    rake (10.3.1)
    rdoc (3.12.2)
      json (~> 1.4)
    rspec (2.14.1)
      rspec-core (~> 2.14.0)
      rspec-expectations (~> 2.14.0)
      rspec-mocks (~> 2.14.0)
    rspec-core (2.14.8)
    rspec-expectations (2.14.5)
      diff-lcs (>= 1.1.3, < 2.0)
    rspec-mocks (2.14.6)
    simplecov (0.8.2)
      docile (~> 1.1.0)
      multi_json
      simplecov-html (~> 0.8.0)
    simplecov-html (0.8.0)
    systemu (2.6.4)
    webgen (1.2.1)
      cmdparse (~> 2.0, >= 2.0.5)
      kramdown (~> 1.3)
      systemu (~> 2.5)

PLATFORMS
  ruby

DEPENDENCIES
  gtk2
  rake
  rdoc
  rspec
  simplecov
  webgen
